
type = integer-attribute
name = DATASET_DIMENSIONS
count = 5
	64	64	18	0	0

type = integer-attribute
name = DATASET_RANK
count = 8
	3	160	0	0	0
	0	0	0	

type = integer-attribute
name = BRICK_TYPES
count = 160
	1	1	1	1	1
	1	1	1	1	1
	1	1	1	1	1
	1	1	1	1	1
	1	1	1	1	1
	1	1	1	1	1
	1	1	1	1	1
	1	1	1	1	1
	1	1	1	1	1
	1	1	1	1	1
	1	1	1	1	1
	1	1	1	1	1
	1	1	1	1	1
	1	1	1	1	1
	1	1	1	1	1
	1	1	1	1	1
	1	1	1	1	1
	1	1	1	1	1
	1	1	1	1	1
	1	1	1	1	1
	1	1	1	1	1
	1	1	1	1	1
	1	1	1	1	1
	1	1	1	1	1
	1	1	1	1	1
	1	1	1	1	1
	1	1	1	1	1
	1	1	1	1	1
	1	1	1	1	1
	1	1	1	1	1
	1	1	1	1	1
	1	1	1	1	1

type = string-attribute
name = BYTEORDER_STRING
count = 10
'LSB_FIRST~

type = integer-attribute
name = ORIENT_SPECIFIC
count = 3
	0	5	2	

type = float-attribute
name = ORIGIN
count = 3
	-118.125	118.125	96.8	

type = float-attribute
name = DELTA
count = 3
	3.75	-3.75	-4	

type = string-attribute
name = BRICK_LABS
count = 690
'#0~#1~#2~#3~#4~#5~#6~#7~#8~#9~#10~#11~#12~#13~#14~#15~#16~#17~#18~#19~#20~#21~#22~#23~#24~#25~#26~#27~#28~#29~#30~#31~#32~#33~#34~#35~#36~#37~#38~#39~#40~#41~#42~#43~#44~#45~#46~#47~#48~#49~#50~#51~#52~#53~#54~#55~#56~#57~#58~#59~#60~#61~#62~#63~#64~#65~#66~#67~#68~#69~#70~#71~#72~#73~#74~#75~#76~#77~#78~#79~#80~#81~#82~#83~#84~#85~#86~#87~#88~#89~#90~#91~#92~#93~#94~#95~#96~#97~#98~#99~#100~#101~#102~#103~#104~#105~#106~#107~#108~#109~#110~#111~#112~#113~#114~#115~#116~#117~#118~#119~#120~#121~#122~#123~#124~#125~#126~#127~#128~#129~#130~#131~#132~#133~#134~#135~#136~#137~#138~#139~#140~#141~#142~#143~#144~#145~#146~#147~#148~#149~#150~#151~#152~#153~#154~#155~#156~#157~#158~#159~

type = string-attribute
name = BRICK_KEYWORDS
count = 160
'~~~~~~~~~~~~~~~~~~~~~~~~~~~~~~~~~~~~~~~~~~~~~~~~~~~~~~~~~~~~~~~~~~~~~~~~~~~~~~~~~~~~~~~~~~~~~~~~~~~~~~~~~~~~~~~~~~~~~~~~~~~~~~~~~~~~~~~~~~~~~~~~~~~~~~~~~~~~~~~~

type = integer-attribute
name = SCENE_DATA
count = 8
	0	2	0	-999	-999
	-999	-999	-999	

type = string-attribute
name = TYPESTRING
count = 15
'3DIM_HEAD_ANAT~

type = integer-attribute
name = TAXIS_NUMS
count = 8
	160	18	77001	-999	-999
	-999	-999	-999	

type = float-attribute
name = TAXIS_FLOATS
count = 8
	0	2000	0	96.8	-4
	-999999	-999999	-999999	

type = float-attribute
name = TAXIS_OFFSETS
count = 18
	0	1000	111.111	1111.11	222.222
	1222.22	333.333	1333.33	444.445	1444.44
	555.556	1555.56	666.667	1666.67	777.778
	1777.78	888.889	1888.89	

type = string-attribute
name = IDCODE_DATE
count = 21
'05-Jul-2016 11:14:29~

type = string-attribute
name = HISTORY_NOTE
count = 382
'[ziad@iodine.nimh.nih.gov: Mon Apr 30 11:44:20 2001] 3dcalc -a ARzs_CW_r1vr+orig -b ARzs_CW_r2vr+orig -c ARzs_CW_r3vr+orig -d ARzs_CW_r4vr+orig -e ARzs_CW_r5vr+orig -expr '((a+b+c+d+e)/5)' -prefix ARzs_CW_avvr\n[shimona@shimona-HP-Pavilion-g6-Notebook-PC: 05-Jul-2016 11:14:30]\n\t/home/shimona/Documents/JHU Prep Toolboxes/AFNI/Demo_Bricks\n\tMatAFNI_Demo(ln249)->WriteBrik(ln551)~

type = string-attribute
name = LABEL_1
count = 5
'zyxt~

type = string-attribute
name = LABEL_2
count = 5
'zyxt~

type = string-attribute
name = DATASET_NAME
count = 5
'zyxt~

type = string-attribute
name = FileFormat
count = 5
'BRIK~

type = string-attribute
name = Extension_1D
count = 1
'~

type = float-attribute
name = BRICK_FLOAT_FACS
count = 160
	0.000109207	0.000108947	0.000106557	0.000114206	0.000113596
	0.000101644	9.54896e-05	0.000103386	9.81761e-05	0.000124834
	0.000108517	9.92709e-05	9.48706e-05	0.000119501	0.000103302
	0.000111584	0.000117441	0.000123078	0.00010853	0.000102343
	0.000110412	0.000100839	0.000110367	0.000106292	0.000102497
	9.50759e-05	8.59024e-05	9.96412e-05	9.68526e-05	9.77394e-05
	0.000130897	0.000129661	0.000112044	9.70059e-05	0.000109469
	0.000103057	0.000104381	0.000106074	0.000118845	0.000101229
	9.99268e-05	0.000104287	0.000106588	0.000121118	9.73332e-05
	0.000101039	9.36181e-05	9.62067e-05	9.90812e-05	0.000108961
	0.000103053	0.000103785	9.92489e-05	0.00012683	0.000106104
	0.000113936	9.04183e-05	0.000125448	0.00010528	0.000109304
	0.000103129	9.74136e-05	0.000104305	0.000112107	0.000120884
	0.000113716	9.50002e-05	9.90661e-05	8.50737e-05	0.000110836
	9.85996e-05	9.43269e-05	0.000102016	0.000116275	0.000117013
	9.78895e-05	0.000108668	9.07572e-05	0.000108954	9.74214e-05
	0.000110943	9.74701e-05	0.000128697	9.67496e-05	0.000109826
	0.00010394	9.97249e-05	9.98854e-05	8.73737e-05	9.31811e-05
	0.000108779	0.000104172	0.000118246	0.000107795	0.000107474
	9.83799e-05	0.000108486	0.000107342	0.000104132	0.000114065
	0.000116956	9.86144e-05	0.000110135	0.000106139	0.000118403
	0.000101098	9.89562e-05	0.000110371	0.000107728	0.000109612
	9.8022e-05	0.000114726	0.000111687	0.000122176	0.00012351
	9.82403e-05	0.00010393	0.000125161	0.000109292	0.00011866
	9.57608e-05	0.000111464	9.76019e-05	0.000121499	0.000109021
	9.87083e-05	0.000111569	9.56173e-05	0.000104348	0.000111019
	0.000104692	9.87564e-05	0.000100251	0.00011931	9.81454e-05
	9.67213e-05	0.000103445	0.000129093	0.000116523	0.000104843
	9.79249e-05	0.000141664	0.000118423	0.000117763	9.19065e-05
	9.45912e-05	0.000101399	9.95064e-05	0.000104511	9.70056e-05
	0.000115317	0.000115991	0.000110388	9.73738e-05	0.000105037
	0.000113813	0.000122696	9.77236e-05	0.000110367	0.000111024

type = float-attribute
name = BRICK_STATS
count = 320
	-3.23204	3.5784	-3.07217	3.56987	-3.49154
	3.2662	-3.74218	3.16625	-3.72221	3.32554
	-3.1027	3.33058	-3.12891	2.93705	-2.78655
	3.38765	-3.21694	3.09544	-3.02847	4.09042
	-3.55579	3.04898	-2.64813	3.25281	-3.05288
	3.10863	-3.91569	2.99658	-3.33176	3.38488
	-3.00734	3.65627	-3.16905	3.84819	-3.44407
	4.03291	-3.55622	3.29669	-2.96366	3.35346
	-2.96751	3.61787	-3.17593	3.30419	-2.97049
	3.61641	-3.20435	3.48286	-3.35853	2.88327
	-3.11535	2.77938	-2.81476	2.77281	-2.75148
	3.26494	-3.1543	3.17357	-3.20263	3.17838
	-3.36945	4.28912	-4.24862	2.99924	-3.63604
	3.67135	-3.17859	2.71916	-3.58696	3.49182
	-3.37686	3.10723	-3.16804	3.42025	-3.47573
	2.91221	-3.14661	3.8942	-2.81454	3.31697
	-3.06095	3.2743	-3.08997	3.41717	-3.3691
	3.49256	-3.96868	3.05545	-3.02677	3.18932
	-3.29074	3.31076	-3.06758	3.0475	-3.1524
	3.14005	-3.04791	3.24659	-2.74445	3.57032
	-3.37672	3.09981	-2.93953	3.40073	-3.25209
	3.21007	-3.21318	4.15584	-3.43874	3.47672
	-3.73335	3.2101	-2.96273	2.78159	-2.85522
	4.11056	-3.44971	3.1455	-3.33057	3.58157
	-3.17596	3.37921	-3.19195	3.18751	-3.35261
	3.41777	-3.00716	3.67339	-3.961	3.43074
	-3.11383	3.72613	-2.69611	3.11287	-2.9784
	3.2461	-2.78761	2.70586	-2.8384	3.63177
	-3.23081	3.02153	-3.06298	3.09081	-3.24343
	3.34276	-3.81	2.98124	-3.83417	3.48284
	-3.01027	3.20754	-3.49325	3.56073	-2.75121
	2.97384	-3.57011	2.6378	-2.86072	3.19221
	-3.63526	3.58348	-3.1938	3.10528	-3.46821
	4.21702	-3.1702	2.95503	-3.59867	3.18927
	-3.4058	2.94859	-3.05726	3.26769	-2.84378
	3.27294	-2.86297	2.81233	-2.63596	3.05327
	-3.56436	2.97189	-3.41341	3.08138	-3.87457
	3.56364	-3.19318	3.53212	-3.52162	3.48153
	-3.22361	2.79912	-3.55477	3.0693	-3.1402
	3.51727	-3.29088	3.41209	-3.73758	3.34354
	-3.8323	3.43501	-3.2313	3.15065	-3.00827
	3.60879	-2.99791	3.47786	-3.45062	3.87973
	-2.99597	3.31269	-3.21474	3.2425	-3.02445
	3.61654	-3.52993	2.96245	-3.59164	2.70112
	-3.21189	3.00637	-3.32261	3.75922	-2.95934
	3.65964	-4.00335	3.32501	-4.04706	3.12359
	-2.8313	3.21904	-3.37493	3.40546	-4.10114
	3.52343	-3.58117	3.01239	-3.07008	3.88813
	-2.99402	3.13779	-3.60427	3.65233	-3.19478
	3.19812	-2.82554	3.98116	-3.57229	3.07186
	-2.77488	3.23437	-3.29311	3.6558	-2.93289
	3.13309	-3.37718	3.41918	-3.2739	3.63777
	-3.43045	3.19657	-3.10806	3.23595	-3.2265
	3.28492	-3.90942	2.80192	-2.67774	3.21593
	-3.01843	3.16927	-3.26096	3.38957	-3.01294
	4.22998	-3.81812	3.39273	-2.99344	3.4354
	-3.20871	2.95612	-3.04021	4.64191	-3.3547
	3.88036	-3.28401	3.85875	-2.91141	3.0115
	-3.04864	3.09947	-3.32256	3.26167	-3.26053
	3.20112	-2.8264	3.42452	-2.9795	3.17858
	-3.77859	3.20614	-3.80069	2.78825	-3.20654
	3.61707	-3.13119	3.19065	-3.44176	3.10744
	-3.5425	3.7293	-4.02037	2.79533	-3.20211
	2.97663	-3.61639	3.17356	-3.63792	3.25351

type = string-attribute
name = GEN_SOURCE
count = 83
'WriteBrik matlab library functions V2.0 (please report bugs to saadz@mail.nih.gov)~
